PATH
  remote: dummy_gem_source/my_dummy_gem
  specs:
    my_dummy_gem (1.0.0)

GEM
  remote: https://rubygems.org/
  specs:

PLATFORMS
  ruby
  x86_64-linux

DEPENDENCIES
  my_dummy_gem!

BUNDLED WITH
   2.6.0.dev
